GEM
  remote: http://rubygems.org/
  specs:
    activemodel (3.1.3)
      activesupport (= 3.1.3)
      builder (~> 3.0.0)
      i18n (~> 0.6)
    activesupport (3.1.3)
      multi_json (~> 1.0)
    bson (1.5.2)
    builder (3.0.0)
    i18n (0.6.0)
    iron_mq (1.2.8)
      typhoeus
      typhoeus
    iron_worker (2.1.1)
      rest-client
      rest-client
      zip
      zip
    mime-types (1.17.2)
    mongo (1.5.2)
      bson (= 1.5.2)
    mongoid (2.4.0)
      activemodel (~> 3.1)
      mongo (~> 1.3)
      tzinfo (~> 0.3.22)
    multi_json (1.0.4)
    rack (1.3.5)
    rack-protection (1.1.4)
      rack
    rest-client (1.6.7)
      mime-types (>= 1.16)
    sinatra (1.3.1)
      rack (~> 1.3, >= 1.3.4)
      rack-protection (~> 1.1, >= 1.1.2)
      tilt (~> 1.3, >= 1.3.3)
    tilt (1.3.3)
    typhoeus (0.3.3)
      mime-types
    tzinfo (0.3.31)
    zip (2.0.2)

PLATFORMS
  ruby

DEPENDENCIES
  iron_mq
  iron_worker
  mongoid
  sinatra
