GEM
  remote: http://rubygems.org/
  specs:
    activemodel (3.1.3)
      activesupport (= 3.1.3)
      builder (~> 3.0.0)
      i18n (~> 0.6)
    activesupport (3.1.3)
      multi_json (~> 1.0)
    bson (1.5.2)
    bson_ext (1.5.2)
      bson (= 1.5.2)
    builder (3.0.0)
    i18n (0.6.0)
    iron_mq (1.4.0)
      rest
      rest
      rest-client
      rest-client
    iron_worker (2.3.5)
      bundler
      bundler
      rest
      rest
      rest-client
      rest-client
      zip
      zip
    mime-types (1.17.2)
    mongo (1.5.2)
      bson (= 1.5.2)
    mongoid (2.4.1)
      activemodel (~> 3.1)
      mongo (~> 1.3)
      tzinfo (~> 0.3.22)
    multi_json (1.0.4)
    rack (1.3.6)
    rack-flash (0.1.2)
      rack
    rack-protection (1.2.0)
      rack
    rest (0.1.0)
      rest-client
      rest-client
    rest-client (1.6.7)
      mime-types (>= 1.16)
    sinatra (1.3.2)
      rack (~> 1.3, >= 1.3.6)
      rack-protection (~> 1.2)
      tilt (~> 1.3, >= 1.3.3)
    tilt (1.3.3)
    tzinfo (0.3.31)
    zip (2.0.2)

PLATFORMS
  ruby

DEPENDENCIES
  bson_ext
  iron_mq
  iron_worker
  mongoid
  rack (< 1.4)
  rack-flash
  sinatra
