GEM
  remote: http://rubygems.org/
  specs:
    iron_mq (1.2.8)
      typhoeus
      typhoeus
    iron_worker (2.1.1)
      rest-client
      rest-client
      zip
      zip
    mime-types (1.17.2)
    rack (1.3.5)
    rack-protection (1.1.4)
      rack
    rest-client (1.6.7)
      mime-types (>= 1.16)
    sinatra (1.3.1)
      rack (~> 1.3, >= 1.3.4)
      rack-protection (~> 1.1, >= 1.1.2)
      tilt (~> 1.3, >= 1.3.3)
    tilt (1.3.3)
    typhoeus (0.3.3)
      mime-types
    zip (2.0.2)

PLATFORMS
  ruby

DEPENDENCIES
  iron_mq
  iron_worker
  sinatra
