GEM
  remote: http://rubygems.org/
  specs:
    iron_cache (1.2.1)
      iron_core (>= 0.4.2)
    iron_core (0.4.2)
      rest (>= 2.0.2)
    iron_mq (2.1.2)
      iron_core (>= 0.4.2)
    iron_worker_ng (0.10.1)
      iron_core (>= 0.4.2)
      zip
    jsonable (0.0.3)
    macaddr (1.6.1)
      systemu (~> 2.5.0)
    mime-types (1.19)
    net-http-persistent (2.7)
    rack (1.4.1)
    rack-flash3 (1.0.1)
      rack
      rack
    rack-protection (1.2.0)
      rack
    rest (2.0.2)
      net-http-persistent
      rest-client (>= 0.3.0)
    rest-client (1.6.7)
      mime-types (>= 1.16)
    sinatra (1.3.3)
      rack (~> 1.3, >= 1.3.6)
      rack-protection (~> 1.2)
      tilt (~> 1.3, >= 1.3.3)
    systemu (2.5.2)
    tilt (1.3.3)
    uber_config (0.0.6)
    uuid (2.3.5)
      macaddr (~> 1.0)
    zip (2.0.2)

PLATFORMS
  ruby

DEPENDENCIES
  iron_cache
  iron_mq
  iron_worker_ng
  jsonable
  rack-flash3
  rest
  sinatra
  uber_config
  uuid
